GEM
  remote: https://rubygems.org/
  specs:
    jasmine (2.3.0)
      jasmine-core (~> 2.3)
      phantomjs
      rack (>= 1.2.1)
      rake
    jasmine-core (2.3.4)
    phantomjs (1.9.8.0)
    rack (1.6.4)
    rake (10.4.2)

PLATFORMS
  ruby

DEPENDENCIES
  jasmine

BUNDLED WITH
   1.10.5
